GEM
  remote: https://rubygems.org/
  specs:
    data_types (1.1.2)
    github-markup (3.0.4)
    minitest (5.13.0)
    patron (0.13.3)
    rake (13.0.1)
    redcarpet (3.5.0)
    yard (0.9.20)

PLATFORMS
  ruby

DEPENDENCIES
  data_types
  github-markup (~> 3.0)
  minitest (~> 5.13)
  patron (~> 0.13)
  rake (~> 13)
  redcarpet (~> 3.5)
  yard (~> 0.9)

RUBY VERSION
   ruby 2.6.5p114

BUNDLED WITH
   2.0.2
