GEM
  remote: https://rubygems.org/
  specs:
    github-markup (1.6.1)
    httpclient (2.8.0)
    minitest (5.8.4)
    rake (11.1.2)
    redcarpet (3.3.4)
    yard (0.9.16)

PLATFORMS
  ruby

DEPENDENCIES
  github-markup (~> 1.6)
  httpclient (~> 2.8)
  minitest (~> 5.8)
  rake (~> 11.1)
  redcarpet (~> 3.3)
  yard (>= 0.9.11)

RUBY VERSION
   ruby 2.6.3p62

BUNDLED WITH
   1.17.3
