GEM
  remote: https://rubygems.org/
  specs:
    github-markup (1.7.0)
    minitest (5.12.2)
    patron (0.13.3)
    rake (11.3.0)
    redcarpet (3.5.0)
    yard (0.9.20)

PLATFORMS
  ruby

DEPENDENCIES
  github-markup (~> 1.6)
  minitest (~> 5.8)
  patron (~> 0.13)
  rake (~> 11.1)
  redcarpet (~> 3.3)
  yard (~> 0.9)

RUBY VERSION
   ruby 2.6.5p114

BUNDLED WITH
   2.0.2
