GEM
  remote: https://rubygems.org/
  specs:
    github-markup (3.0.5)
    minitest (5.14.3)
    patron (0.13.3)
    rake (13.0.3)
    redcarpet (3.5.1)
    yard (0.9.36)

PLATFORMS
  ruby

DEPENDENCIES
  github-markup (~> 3.0)
  minitest (~> 5.14)
  patron (~> 0.13)
  rake (~> 13)
  redcarpet (~> 3.5)
  yard (~> 0.9)

RUBY VERSION
   ruby 3.0.0p0

BUNDLED WITH
   2.2.3
